PATH
  remote: .
  specs:
    author (0.0.1)

GEM
  remote: https://rubygems.org/
  specs:
    mini_portile (0.5.1)
    minitest (5.2.1)
    nokogiri (1.6.0)
      mini_portile (~> 0.5.0)
    rake (10.1.1)

PLATFORMS
  ruby

DEPENDENCIES
  author!
  minitest (>= 5.0)
  nokogiri
  rake
